GIT
  remote: https://github.com/activerecord-hackery/ransack.git
  revision: b627a386d7cf2a7fe90434a1b7a09c2dad085858
  specs:
    ransack (2.4.2)
      activerecord (>= 5.2.4)
      activesupport (>= 5.2.4)
      i18n

GEM
  remote: https://rubygems.org/
  specs:
    actioncable (6.0.4)
      actionpack (= 6.0.4)
      nio4r (~> 2.0)
      websocket-driver (>= 0.6.1)
    actionmailbox (6.0.4)
      actionpack (= 6.0.4)
      activejob (= 6.0.4)
      activerecord (= 6.0.4)
      activestorage (= 6.0.4)
      activesupport (= 6.0.4)
      mail (>= 2.7.1)
    actionmailer (6.0.4)
      actionpack (= 6.0.4)
      actionview (= 6.0.4)
      activejob (= 6.0.4)
      mail (~> 2.5, >= 2.5.4)
      rails-dom-testing (~> 2.0)
    actionpack (6.0.4)
      actionview (= 6.0.4)
      activesupport (= 6.0.4)
      rack (~> 2.0, >= 2.0.8)
      rack-test (>= 0.6.3)
      rails-dom-testing (~> 2.0)
      rails-html-sanitizer (~> 1.0, >= 1.2.0)
    actiontext (6.0.4)
      actionpack (= 6.0.4)
      activerecord (= 6.0.4)
      activestorage (= 6.0.4)
      activesupport (= 6.0.4)
      nokogiri (>= 1.8.5)
    actionview (6.0.4)
      activesupport (= 6.0.4)
      builder (~> 3.1)
      erubi (~> 1.4)
      rails-dom-testing (~> 2.0)
      rails-html-sanitizer (~> 1.1, >= 1.2.0)
    active_model_serializers (0.10.12)
      actionpack (>= 4.1, < 6.2)
      activemodel (>= 4.1, < 6.2)
      case_transform (>= 0.2)
      jsonapi-renderer (>= 0.1.1.beta1, < 0.3)
    activejob (6.0.4)
      activesupport (= 6.0.4)
      globalid (>= 0.3.6)
    activemodel (6.0.4)
      activesupport (= 6.0.4)
    activerecord (6.0.4)
      activemodel (= 6.0.4)
      activesupport (= 6.0.4)
    activestorage (6.0.4)
      actionpack (= 6.0.4)
      activejob (= 6.0.4)
      activerecord (= 6.0.4)
      marcel (~> 1.0.0)
    activesupport (6.0.4)
      concurrent-ruby (~> 1.0, >= 1.0.2)
      i18n (>= 0.7, < 2)
      minitest (~> 5.1)
      tzinfo (~> 1.1)
      zeitwerk (~> 2.2, >= 2.2.2)
    addressable (2.7.0)
      public_suffix (>= 2.0.2, < 5.0)
    ast (2.4.2)
    axiom-types (0.1.1)
      descendants_tracker (~> 0.0.4)
      ice_nine (~> 0.11.0)
      thread_safe (~> 0.3, >= 0.3.1)
    bcrypt (3.1.16)
    bindex (0.8.1)
    bootsnap (1.4.8)
      msgpack (~> 1.0)
    builder (3.2.4)
    bullet (6.1.4)
      activesupport (>= 3.0.0)
      uniform_notifier (~> 1.11)
    byebug (11.1.3)
    capybara (3.33.0)
      addressable
      mini_mime (>= 0.1.3)
      nokogiri (~> 1.8)
      rack (>= 1.6.0)
      rack-test (>= 0.6.3)
      regexp_parser (~> 1.5)
      xpath (~> 3.2)
    case_transform (0.2)
      activesupport
    childprocess (3.0.0)
    coercible (1.0.0)
      descendants_tracker (~> 0.0.1)
    concurrent-ruby (1.1.9)
    connection_pool (2.2.5)
    crass (1.0.6)
    descendants_tracker (0.0.4)
      thread_safe (~> 0.3, >= 0.3.1)
    docile (1.4.0)
    erubi (1.10.0)
    factory_bot (6.1.0)
      activesupport (>= 5.0.0)
    factory_bot_rails (6.1.0)
      factory_bot (~> 6.1.0)
      railties (>= 5.0.0)
    ffi (1.13.1)
    file_validators (3.0.0)
      activemodel (>= 3.2)
      mime-types (>= 1.0)
    globalid (0.4.2)
      activesupport (>= 4.2.0)
    i18n (1.8.10)
      concurrent-ruby (~> 1.0)
    ice_nine (0.11.2)
    jbuilder (2.10.1)
      activesupport (>= 5.0.0)
    js-routes (2.0.4)
      railties (>= 4)
    jsonapi-renderer (0.2.2)
    kaminari (1.2.1)
      activesupport (>= 4.1.0)
      kaminari-actionview (= 1.2.1)
      kaminari-activerecord (= 1.2.1)
      kaminari-core (= 1.2.1)
    kaminari-actionview (1.2.1)
      actionview
      kaminari-core (= 1.2.1)
    kaminari-activerecord (1.2.1)
      activerecord
      kaminari-core (= 1.2.1)
    kaminari-core (1.2.1)
    launchy (2.5.0)
      addressable (~> 2.7)
    letter_opener (1.7.0)
      launchy (~> 2.2)
    letter_opener_web (1.4.0)
      actionmailer (>= 3.2)
      letter_opener (~> 1.0)
      railties (>= 3.2)
    listen (3.2.1)
      rb-fsevent (~> 0.10, >= 0.10.3)
      rb-inotify (~> 0.9, >= 0.9.10)
    loofah (2.10.0)
      crass (~> 1.0.2)
      nokogiri (>= 1.5.9)
    mail (2.7.1)
      mini_mime (>= 0.1.1)
    marcel (1.0.1)
    method_source (1.0.0)
    mime-types (3.3.1)
      mime-types-data (~> 3.2015)
    mime-types-data (3.2021.0225)
    mini_magick (4.11.0)
    mini_mime (1.1.0)
    mini_portile2 (2.5.3)
    minitest (5.14.4)
    msgpack (1.3.3)
    newrelic_rpm (7.1.0)
    nio4r (2.5.7)
    nokogiri (1.11.7)
      mini_portile2 (~> 2.5.0)
      racc (~> 1.4)
    parallel (1.20.1)
    parser (3.0.1.0)
      ast (~> 2.4.1)
    pg (1.2.3)
    public_suffix (4.0.6)
    puma (4.3.6)
      nio4r (~> 2.0)
    racc (1.5.2)
    rack (2.2.3)
    rack-proxy (0.6.5)
      rack
    rack-test (1.1.0)
      rack (>= 1.0, < 3)
    rails (6.0.4)
      actioncable (= 6.0.4)
      actionmailbox (= 6.0.4)
      actionmailer (= 6.0.4)
      actionpack (= 6.0.4)
      actiontext (= 6.0.4)
      actionview (= 6.0.4)
      activejob (= 6.0.4)
      activemodel (= 6.0.4)
      activerecord (= 6.0.4)
      activestorage (= 6.0.4)
      activesupport (= 6.0.4)
      bundler (>= 1.3.0)
      railties (= 6.0.4)
      sprockets-rails (>= 2.0.0)
    rails-dom-testing (2.0.3)
      activesupport (>= 4.2.0)
      nokogiri (>= 1.6)
    rails-html-sanitizer (1.3.0)
      loofah (~> 2.3)
    railties (6.0.4)
      actionpack (= 6.0.4)
      activesupport (= 6.0.4)
      method_source
      rake (>= 0.8.7)
      thor (>= 0.20.3, < 2.0)
    rainbow (3.0.0)
    rake (13.0.3)
    rb-fsevent (0.10.4)
    rb-inotify (0.10.1)
      ffi (~> 1.0)
    redis (4.3.1)
    redis-prescription (1.0.0)
    regexp_parser (1.8.2)
    responders (3.0.1)
      actionpack (>= 5.0)
      railties (>= 5.0)
    rexml (3.2.5)
    rollbar (3.2.0)
    rubocop (1.12.1)
      parallel (~> 1.10)
      parser (>= 3.0.0.0)
      rainbow (>= 2.2.2, < 4.0)
      regexp_parser (>= 1.8, < 3.0)
      rexml
      rubocop-ast (>= 1.2.0, < 2.0)
      ruby-progressbar (~> 1.7)
      unicode-display_width (>= 1.4.0, < 3.0)
    rubocop-ast (1.4.1)
      parser (>= 2.7.1.5)
    ruby-progressbar (1.11.0)
    rubyzip (2.3.0)
    sass-rails (6.0.0)
      sassc-rails (~> 2.1, >= 2.1.1)
    sassc (2.4.0)
      ffi (~> 1.9)
    sassc-rails (2.1.2)
      railties (>= 4.0.0)
      sassc (>= 2.0)
      sprockets (> 3.0)
      sprockets-rails
      tilt
    selenium-webdriver (3.142.7)
      childprocess (>= 0.5, < 4.0)
      rubyzip (>= 1.2.2)
    sidekiq (6.2.1)
      connection_pool (>= 2.2.2)
      rack (~> 2.0)
      redis (>= 4.2.0)
    sidekiq-failures (1.0.0)
      sidekiq (>= 4.0.0)
    sidekiq-throttled (0.13.0)
      concurrent-ruby
      redis-prescription
      sidekiq
    sidekiq-unique-jobs (6.0.25)
      concurrent-ruby (~> 1.0, >= 1.0.5)
      sidekiq (>= 4.0, < 7.0)
      thor (>= 0.20, < 2.0)
    simple_form (5.1.0)
      actionpack (>= 5.2)
      activemodel (>= 5.2)
    simplecov (0.21.2)
      docile (~> 1.1)
      simplecov-html (~> 0.11)
      simplecov_json_formatter (~> 0.1)
    simplecov-html (0.12.3)
    simplecov_json_formatter (0.1.3)
    slim (4.1.0)
      temple (>= 0.7.6, < 0.9)
      tilt (>= 2.0.6, < 2.1)
    slim-rails (3.2.0)
      actionpack (>= 3.1)
      railties (>= 3.1)
      slim (>= 3.0, < 5.0)
    sprockets (4.0.2)
      concurrent-ruby (~> 1.0)
      rack (> 1, < 3)
    sprockets-rails (3.2.2)
      actionpack (>= 4.0)
      activesupport (>= 4.0)
      sprockets (>= 3.0.0)
    state_machines (0.5.0)
    state_machines-activemodel (0.8.0)
      activemodel (>= 5.1)
      state_machines (>= 0.5.0)
    state_machines-activerecord (0.8.0)
      activerecord (>= 5.1)
      state_machines-activemodel (>= 0.8.0)
    temple (0.8.2)
    thor (1.1.0)
    thread_safe (0.3.6)
    tilt (2.0.10)
    tzinfo (1.2.9)
      thread_safe (~> 0.1)
    unicode-display_width (2.0.0)
    uniform_notifier (1.14.2)
    virtus (2.0.0)
      axiom-types (~> 0.1)
      coercible (~> 1.0)
      descendants_tracker (~> 0.0, >= 0.0.3)
    web-console (4.0.4)
      actionview (>= 6.0.0)
      activemodel (>= 6.0.0)
      bindex (>= 0.4.0)
      railties (>= 6.0.0)
    webdrivers (4.4.1)
      nokogiri (~> 1.6)
      rubyzip (>= 1.3.0)
      selenium-webdriver (>= 3.0, < 4.0)
    webpacker (4.3.0)
      activesupport (>= 4.2)
      rack-proxy (>= 0.6.1)
      railties (>= 4.2)
    webpacker-react (0.3.2)
      webpacker
    websocket-driver (0.7.5)
      websocket-extensions (>= 0.1.0)
    websocket-extensions (0.1.5)
    xpath (3.2.0)
      nokogiri (~> 1.8)
    zeitwerk (2.4.2)

PLATFORMS
  ruby

DEPENDENCIES
  active_model_serializers
  bcrypt (~> 3.1.7)
  bootsnap (>= 1.4.2)
  bullet
  byebug
  capybara (>= 2.15)
  factory_bot_rails
  file_validators
  jbuilder (~> 2.7)
  js-routes
  kaminari
  letter_opener
  letter_opener_web
  listen (~> 3.2)
  mini_magick
  newrelic_rpm
  pg (>= 0.18, < 2.0)
  puma (~> 4.1)
  rails (~> 6.0.3, >= 6.0.3.6)
  ransack!
  responders
  rollbar
  rubocop
  sass-rails (>= 6)
  selenium-webdriver
  sidekiq
  sidekiq-failures
  sidekiq-throttled
  sidekiq-unique-jobs (~> 6.0.13)
  simple_form
  simplecov
  slim-rails
  state_machines
  state_machines-activerecord
  tzinfo-data
  virtus
  web-console (>= 3.3.0)
  webdrivers
  webpacker (~> 4.0)
  webpacker-react (~> 0.3.2)

RUBY VERSION
   ruby 2.7.1p83

BUNDLED WITH
   2.1.4
